PATH
  remote: .
  specs:
    credit_card_sanitizer (0.3.4)
      luhn_checksum (~> 0.1)
      scrub_rb (~> 1.0.1)

GEM
  remote: https://rubygems.org/
  specs:
    appraisal (1.0.0)
      bundler
      rake
      thor (>= 0.14.0)
    bump (0.5.0)
    luhn_checksum (0.1.1)
    minitest (5.2.0)
    minitest-rg (5.1.0)
      minitest (~> 5.0)
    rake (10.3.1)
    scrub_rb (1.0.1)
    thor (0.19.1)

PLATFORMS
  ruby

DEPENDENCIES
  appraisal
  bump
  bundler
  credit_card_sanitizer!
  minitest
  minitest-rg
  rake
