PATH
  remote: .
  specs:
    credit_card_sanitizer (0.2.0)
      luhn_checksum

GEM
  remote: https://rubygems.org/
  specs:
    luhn_checksum (0.1.0)
    minitest (5.2.0)

PLATFORMS
  ruby

DEPENDENCIES
  credit_card_sanitizer!
  minitest
